GEM
  remote: https://rubygems.org/
  specs:
    artii (2.1.2)
    ast (2.4.2)
    colorize (0.8.1)
    diff-lcs (1.5.0)
    json (2.6.1)
    logger (1.5.1)
    parallel (1.22.1)
    parser (3.1.2.0)
      ast (~> 2.4.1)
    rainbow (3.1.1)
    regexp_parser (2.3.0)
    rexml (3.2.5)
    rspec (3.11.0)
      rspec-core (~> 3.11.0)
      rspec-expectations (~> 3.11.0)
      rspec-mocks (~> 3.11.0)
    rspec-core (3.11.0)
      rspec-support (~> 3.11.0)
    rspec-expectations (3.11.0)
      diff-lcs (>= 1.2.0, < 2.0)
      rspec-support (~> 3.11.0)
    rspec-mocks (3.11.1)
      diff-lcs (>= 1.2.0, < 2.0)
      rspec-support (~> 3.11.0)
    rspec-support (3.11.0)
    rubocop (1.27.0)
      parallel (~> 1.10)
      parser (>= 3.1.0.0)
      rainbow (>= 2.2.2, < 4.0)
      regexp_parser (>= 1.8, < 3.0)
      rexml
      rubocop-ast (>= 1.16.0, < 2.0)
      ruby-progressbar (~> 1.7)
      unicode-display_width (>= 1.4.0, < 3.0)
    rubocop-ast (1.17.0)
      parser (>= 3.1.1.0)
    rubocop-shopify (2.5.0)
      rubocop (~> 1.25)
    ruby-progressbar (1.11.0)
    unicode-display_width (1.8.0)

PLATFORMS
  ruby

DEPENDENCIES
  artii (~> 2.1, >= 2.1.2)
  bundler (~> 2.1, >= 2.1.4)
  colorize (~> 0.8.1)
  json (~> 2.6, >= 2.6.1)
  logger (~> 1.5, >= 1.5.1)
  rspec (~> 3.11)
  rubocop (~> 1.27)
  rubocop-shopify (~> 2.5)

BUNDLED WITH
   2.1.4
